Skip to content
Search or jump to…
Pull requests
Issues
Marketplace
Explore
 
@AshokkSS 
AshokkSS
/
Crypto-CLI-Tool
Public
forked from Chillibean/Ruby-Track-Project
Code
Pull requests
1
Actions
Projects
Security
Insights
Settings
Crypto-CLI-Tool/Gemfile.lock
@AshokkSS
AshokkSS CC-21 Complete
…
Latest commit 70c952e 7 days ago
 History
 2 contributors
@AshokkSS@ipc103
97 lines (94 sloc)  1.99 KB

GEM
  remote: https://rubygems.org/
  specs:
    activemodel (5.0.2)
      activesupport (= 5.0.2)
    activerecord (5.0.2)
      activemodel (= 5.0.2)
      activesupport (= 5.0.2)
      arel (~> 7.0)
    activesupport (5.0.2)
      concurrent-ruby (~> 1.0, >= 1.0.2)
      i18n (~> 0.7)
      minitest (~> 5.1)
      tzinfo (~> 1.1)
    arel (7.1.4)
    coderay (1.1.1)
    colorize (0.8.1)
    concurrent-ruby (1.0.5)
    i18n (0.8.1)
    json (2.6.2)
    method_source (0.8.2)
    mini_portile2 (2.8.0)
    minitest (5.10.1)
    net-http (0.2.2)
      uri
    pastel (0.8.0)
      tty-color (~> 0.5)
    pry (0.10.4)
      coderay (~> 1.1.0)
      method_source (~> 0.8.1)
      slop (~> 3.4)
    rack (1.6.5)
    rack-protection (1.5.3)
      rack
    require_all (1.3.3)
    sinatra (1.4.8)
      rack (~> 1.5)
      rack-protection (~> 1.4)
      tilt (>= 1.3, < 3)
    sinatra-activerecord (2.0.12)
      activerecord (>= 3.2)
      sinatra (>= 1.0)
    slop (3.6.0)
    sqlite3 (1.5.0)
      mini_portile2 (~> 2.8.0)
    strings (0.2.1)
      strings-ansi (~> 0.2)
      unicode-display_width (>= 1.5, < 3.0)
      unicode_utils (~> 1.4)
    strings-ansi (0.2.0)
    thread_safe (0.3.6)
    tilt (2.0.7)
    tty-box (0.7.0)
      pastel (~> 0.8)
      strings (~> 0.2.0)
      tty-cursor (~> 0.7)
    tty-color (0.6.0)
    tty-cursor (0.7.1)
    tty-progressbar (0.18.2)
      strings-ansi (~> 0.2)
      tty-cursor (~> 0.7)
      tty-screen (~> 0.8)
      unicode-display_width (>= 1.6, < 3.0)
    tty-prompt (0.23.1)
      pastel (~> 0.8)
      tty-reader (~> 0.8)
    tty-reader (0.9.0)
      tty-cursor (~> 0.7)
      tty-screen (~> 0.8)
      wisper (~> 2.0)
    tty-screen (0.8.1)
    tty-table (0.12.0)
      pastel (~> 0.8)
      strings (~> 0.2.0)
      tty-screen (~> 0.8)
    tzinfo (1.2.2)
      thread_safe (~> 0.1)
    unicode-display_width (2.3.0)
    unicode_utils (1.4.0)
    uri (0.11.0)
    wisper (2.0.1)

PLATFORMS
  ruby

DEPENDENCIES
  colorize
  json
  net-http
  pry
  require_all
  sinatra-activerecord
  sqlite3
  tty-box
  tty-progressbar
  tty-prompt
  tty-screen
  tty-table
  uri

BUNDLED WITH
   2.3.22
